GIT
  remote: https://github.com/Dan-Q/activerecord-userstamp.git
  revision: 622a12deda2f10b68e8a4ec898168cefc4d0a2ee
  specs:
    activerecord-userstamp (3.0.6)
      rails (>= 4.1)

PATH
  remote: lib/runt-rails
  specs:
    runt-rails (0.9.0)

GEM
  remote: https://rubygems.org/
  specs:
    RubyInline (3.12.5)
      ZenTest (~> 4.3)
    ZenTest (4.12.0)
    actioncable (5.2.6.3)
      actionpack (= 5.2.6.3)
      nio4r (~> 2.0)
      websocket-driver (>= 0.6.1)
    actionmailer (5.2.6.3)
      actionpack (= 5.2.6.3)
      actionview (= 5.2.6.3)
      activejob (= 5.2.6.3)
      mail (~> 2.5, >= 2.5.4)
      rails-dom-testing (~> 2.0)
    actionmailer-text (0.1.1)
      actionmailer
      htmlentities
    actionpack (5.2.6.3)
      actionview (= 5.2.6.3)
      activesupport (= 5.2.6.3)
      rack (~> 2.0, >= 2.0.8)
      rack-test (>= 0.6.3)
      rails-dom-testing (~> 2.0)
      rails-html-sanitizer (~> 1.0, >= 1.0.2)
    actionview (5.2.6.3)
      activesupport (= 5.2.6.3)
      builder (~> 3.1)
      erubi (~> 1.4)
      rails-dom-testing (~> 2.0)
      rails-html-sanitizer (~> 1.0, >= 1.0.3)
    activejob (5.2.6.3)
      activesupport (= 5.2.6.3)
      globalid (>= 0.3.6)
    activemodel (5.2.6.3)
      activesupport (= 5.2.6.3)
    activerecord (5.2.6.3)
      activemodel (= 5.2.6.3)
      activesupport (= 5.2.6.3)
      arel (>= 9.0)
    activestorage (5.2.6.3)
      actionpack (= 5.2.6.3)
      activerecord (= 5.2.6.3)
      marcel (~> 1.0.0)
    activesupport (5.2.6.3)
      concurrent-ruby (~> 1.0, >= 1.0.2)
      i18n (>= 0.7, < 2)
      minitest (~> 5.1)
      tzinfo (~> 1.1)
    acts_as_list (0.9.19)
      activerecord (>= 3.0)
    acts_as_tree (2.9.1)
      activerecord (>= 3.0.0)
    addressable (2.8.0)
      public_suffix (>= 2.0.2, < 5.0)
    ai4r (1.13)
    annotate (3.1.1)
      activerecord (>= 3.2, < 7.0)
      rake (>= 10.4, < 14.0)
    ansi (1.5.0)
    arel (9.0.0)
    ast (2.4.2)
    authlogic (3.8.0)
      activerecord (>= 3.2, < 5.3)
      activesupport (>= 3.2, < 5.3)
      request_store (~> 1.0)
      scrypt (>= 1.2, < 4.0)
    aws-eventstream (1.2.0)
    aws-partitions (1.840.0)
    aws-sdk-core (3.185.1)
      aws-eventstream (~> 1, >= 1.0.2)
      aws-partitions (~> 1, >= 1.651.0)
      aws-sigv4 (~> 1.5)
      jmespath (~> 1, >= 1.6.1)
    aws-sdk-sesv2 (1.41.0)
      aws-sdk-core (~> 3, >= 3.184.0)
      aws-sigv4 (~> 1.1)
    aws-sigv4 (1.6.0)
      aws-eventstream (~> 1, >= 1.0.2)
    base64 (0.3.0)
    bcrypt (3.1.16)
    brakeman (5.0.0)
    breadcrumbs_on_rails (3.0.1)
    builder (3.2.4)
    bullet (6.1.4)
      activesupport (>= 3.0.0)
      uniform_notifier (~> 1.11)
    byebug (11.1.3)
    choice (0.2.0)
    chronic (0.10.2)
    chunky_png (1.4.0)
    clamav-client (3.1.0)
    clickatell (0.8.2)
    climate_control (0.2.0)
    cocaine (0.5.8)
      climate_control (>= 0.0.3, < 1.0)
    coffee-rails (4.2.2)
      coffee-script (>= 2.2.0)
      railties (>= 4.0.0)
    coffee-script (2.4.1)
      coffee-script-source
      execjs
    coffee-script-source (1.12.2)
    color (1.8)
    color_contrast_calc (0.9.0)
    colorize (0.8.1)
    colsole (0.7.2)
    concurrent-ruby (1.1.10)
    crass (1.0.6)
    css_parser (1.10.0)
      addressable
    daemons (1.3.1)
    dalli (3.2.4)
    diffy (3.4.2)
    docile (1.3.5)
    docopt (0.6.1)
    domain_name (0.5.20190701)
      unf (>= 0.0.5, < 1.0.0)
    donncha-validates_as_email (0.6.1)
    dotenv (2.7.6)
    dotenv-rails (2.7.6)
      dotenv (= 2.7.6)
      railties (>= 3.2)
    dynamic_form (1.1.4)
    elasticsearch (7.17.11)
      elasticsearch-api (= 7.17.11)
      elasticsearch-transport (= 7.17.11)
    elasticsearch-api (7.17.11)
      multi_json
    elasticsearch-transport (7.17.11)
      base64
      faraday (>= 1, < 3)
      multi_json
    erubi (1.10.0)
    eventmachine (1.2.7)
    exception_notification (4.2.2)
      actionmailer (>= 4.0, < 6)
      activesupport (>= 4.0, < 6)
    execjs (2.7.0)
    factory_bot (4.10.0)
      activesupport (>= 3.0.0)
    factory_bot_rails (4.10.0)
      factory_bot (~> 4.10.0)
      railties (>= 3.0.0)
    faker (2.17.0)
      i18n (>= 1.6, < 2)
    faraday (1.3.0)
      faraday-net_http (~> 1.0)
      multipart-post (>= 1.2, < 3)
      ruby2_keywords
    faraday-net_http (1.0.1)
    ffi (1.9.25)
    ffi-compiler (1.0.1)
      ffi (>= 1.0.0)
      rake
    filewatcher (1.1.1)
      optimist (~> 3.0)
    fontcustom (2.0.0)
      json (~> 1.4)
      listen (>= 1.0, < 4.0)
      thor (~> 0.14)
    globalid (1.0.1)
      activesupport (>= 5.0)
    haml (5.0.4)
      temple (>= 0.8.0)
      tilt
    hashie (5.0.0)
    htmlentities (4.3.4)
    http-cookie (1.0.3)
      domain_name (~> 0.5)
    i18n (1.12.0)
      concurrent-ruby (~> 1.0)
    icalendar (2.4.1)
    image_science (1.3.1)
      RubyInline (~> 3.9)
    jbuilder (2.11.2)
      activesupport (>= 5.0.0)
    jmespath (1.6.2)
    jquery-rails (4.4.0)
      rails-dom-testing (>= 1, < 3)
      railties (>= 4.2.0)
      thor (>= 0.14, < 2.0)
    json (1.8.6)
    jwt (2.2.2)
    kaminari (1.2.1)
      activesupport (>= 4.1.0)
      kaminari-actionview (= 1.2.1)
      kaminari-activerecord (= 1.2.1)
      kaminari-core (= 1.2.1)
    kaminari-actionview (1.2.1)
      actionview
      kaminari-core (= 1.2.1)
    kaminari-activerecord (1.2.1)
      activerecord
      kaminari-core (= 1.2.1)
    kaminari-core (1.2.1)
    libv8-node (16.10.0.0)
    libv8-node (16.10.0.0-x86_64-linux)
    listen (3.5.1)
      rb-fsevent (~> 0.10, >= 0.10.3)
      rb-inotify (~> 0.9, >= 0.9.10)
    loofah (2.19.1)
      crass (~> 1.0.2)
      nokogiri (>= 1.5.9)
    mail (2.7.1)
      mini_mime (>= 0.1.1)
    marcel (1.0.2)
    method_source (1.0.0)
    mime-types (3.3.1)
      mime-types-data (~> 3.2015)
    mime-types-data (3.2021.0225)
    mimemagic (0.3.10)
      nokogiri (~> 1)
      rake
    mini_mime (1.1.0)
    mini_portile2 (2.8.8)
    mini_racer (0.6.3)
      libv8-node (~> 16.10.0.0)
    minitest (5.15.0)
    minitest-reporters (1.4.3)
      ansi
      builder
      minitest (>= 5.0)
      ruby-progressbar
    mister_bin (0.7.1)
      colsole (~> 0.5)
      docopt (~> 0.6)
    multi_json (1.15.0)
    multi_xml (0.6.0)
    multipart-post (2.1.1)
    mysql2 (0.5.5)
    netrc (0.11.0)
    nexmo (4.8.0)
      jwt
    nio4r (2.5.9)
    nokogiri (1.13.10)
      mini_portile2 (~> 2.8.0)
      racc (~> 1.4)
    nokogiri (1.13.10-x86_64-linux)
      racc (~> 1.4)
    non-stupid-digest-assets (1.0.9)
      sprockets (>= 2.0)
    oauth2 (1.4.7)
      faraday (>= 0.8, < 2.0)
      jwt (>= 1.0, < 3.0)
      multi_json (~> 1.3)
      multi_xml (~> 0.5)
      rack (>= 1.2, < 3)
    omniauth (1.9.2)
      hashie (>= 3.4.6)
      rack (>= 1.6.2, < 3)
    omniauth-google-oauth2 (0.5.4)
      jwt (>= 1.5)
      omniauth (>= 1.1.1)
      omniauth-oauth2 (>= 1.5)
    omniauth-oauth2 (1.7.1)
      oauth2 (~> 1.4)
      omniauth (>= 1.9, < 3)
    omniauth-salesforce (1.0.5)
      omniauth (~> 1.0)
      omniauth-oauth2 (~> 1.0)
    optimist (3.0.1)
    paper_trail (13.0.0)
      activerecord (>= 5.2)
      request_store (~> 1.1)
    paperclip (5.1.0)
      activemodel (>= 4.2.0)
      activesupport (>= 4.2.0)
      cocaine (~> 0.5.5)
      mime-types
      mimemagic (~> 0.3.0)
    parallel (1.22.1)
    paranoia (2.6.0)
      activerecord (>= 5.1, < 7.1)
    parser (3.1.2.0)
      ast (~> 2.4.1)
    phonelib (0.8.0)
    pil (0.3.0)
    precise_distance_of_time_in_words (0.0.3)
    pretty_trace (0.2.5)
    protected_attributes_continued (1.5.0)
      activemodel (>= 5.0)
    public_suffix (4.0.6)
    racc (1.8.1)
    rack (2.2.6.4)
    rack-test (1.1.0)
      rack (>= 1.0, < 3)
    rails (5.2.6.3)
      actioncable (= 5.2.6.3)
      actionmailer (= 5.2.6.3)
      actionpack (= 5.2.6.3)
      actionview (= 5.2.6.3)
      activejob (= 5.2.6.3)
      activemodel (= 5.2.6.3)
      activerecord (= 5.2.6.3)
      activestorage (= 5.2.6.3)
      activesupport (= 5.2.6.3)
      bundler (>= 1.3.0)
      railties (= 5.2.6.3)
      sprockets-rails (>= 2.0.0)
    rails-controller-testing (1.0.5)
      actionpack (>= 5.0.1.rc1)
      actionview (>= 5.0.1.rc1)
      activesupport (>= 5.0.1.rc1)
    rails-dom-testing (2.0.3)
      activesupport (>= 4.2.0)
      nokogiri (>= 1.6)
    rails-erd (1.6.1)
      activerecord (>= 4.2)
      activesupport (>= 4.2)
      choice (~> 0.2.0)
      ruby-graphviz (~> 1.2)
    rails-html-sanitizer (1.4.4)
      loofah (~> 2.19, >= 2.19.1)
    rails_autolink (1.1.8)
      actionview (> 3.1)
      activesupport (> 3.1)
      railties (> 3.1)
    railties (5.2.6.3)
      actionpack (= 5.2.6.3)
      activesupport (= 5.2.6.3)
      method_source
      rake (>= 0.8.7)
      thor (>= 0.19.0, < 2.0)
    rainbow (3.1.1)
    rake (13.0.3)
    rb-fsevent (0.10.4)
    rb-inotify (0.10.1)
      ffi (~> 1.0)
    rb-readline (0.5.5)
    rdiscount (2.2.0.2)
    rdoc (4.3.0)
    regexp_parser (2.3.0)
    request_store (1.5.0)
      rack (>= 1.4)
    requires (0.2.0)
    rest-client (2.0.2)
      http-cookie (>= 1.0.2, < 2.0)
      mime-types (>= 1.16, < 4.0)
      netrc (~> 0.8)
    rexml (3.2.5)
    rotp (6.3.0)
    rouge (3.1.1)
    rqrcode (2.2.0)
      chunky_png (~> 1.0)
      rqrcode_core (~> 1.0)
    rqrcode_core (1.2.0)
    rubocop (1.27.0)
      parallel (~> 1.10)
      parser (>= 3.1.0.0)
      rainbow (>= 2.2.2, < 4.0)
      regexp_parser (>= 1.8, < 3.0)
      rexml
      rubocop-ast (>= 1.16.0, < 2.0)
      ruby-progressbar (~> 1.7)
      unicode-display_width (>= 1.4.0, < 3.0)
    rubocop-ast (1.17.0)
      parser (>= 3.1.1.0)
    rubocop-minitest (0.19.1)
      rubocop (>= 0.90, < 2.0)
    rubocop-packaging (0.5.1)
      rubocop (>= 0.89, < 2.0)
    rubocop-performance (1.13.3)
      rubocop (>= 1.7.0, < 2.0)
      rubocop-ast (>= 0.4.0)
    rubocop-rails (2.14.2)
      activesupport (>= 4.2.0)
      rack (>= 1.1)
      rubocop (>= 1.7.0, < 2.0)
    rubocop-rails_config (1.9.2)
      railties (>= 5.0)
      rubocop (>= 1.25.1)
      rubocop-ast (>= 1.0.1)
      rubocop-minitest (~> 0.15)
      rubocop-packaging (~> 0.5)
      rubocop-performance (~> 1.11)
      rubocop-rails (~> 2.0)
    ruby-graphviz (1.2.5)
      rexml
    ruby-ole (1.2.12.2)
    ruby-progressbar (1.11.0)
    ruby2_keywords (0.0.4)
    rufo (0.12.0)
    sanitize (6.1.3)
      crass (~> 1.0.2)
      nokogiri (>= 1.12.0)
    sass (3.7.4)
      sass-listen (~> 4.0.0)
    sass-listen (4.0.0)
      rb-fsevent (~> 0.9, >= 0.9.4)
      rb-inotify (~> 0.9, >= 0.9.7)
    sass-rails (5.0.8)
      railties (>= 5.2.0)
      sass (~> 3.1)
      sprockets (>= 2.8, < 4.0)
      sprockets-rails (>= 2.0, < 4.0)
      tilt (>= 1.1, < 3)
    sassc (1.12.1)
      ffi (~> 1.9.6)
      sass (>= 3.3.0)
    scrypt (3.0.7)
      ffi-compiler (>= 1.0, < 2.0)
    sdoc (0.4.2)
      json (~> 1.7, >= 1.7.7)
      rdoc (~> 4.0)
    simplecov (0.21.2)
      docile (~> 1.1)
      simplecov-html (~> 0.11)
      simplecov_json_formatter (~> 0.1)
    simplecov-html (0.12.3)
    simplecov_json_formatter (0.1.2)
    single_test (0.6.0)
      rake
    slack-notifier (2.4.0)
    sorbet-runtime (0.5.10461)
    spreadsheet (1.2.8)
      ruby-ole
    spring (2.0.2)
      activesupport (>= 4.2)
    sprockets (3.7.2)
      concurrent-ruby (~> 1.0)
      rack (> 1, < 3)
    sprockets-rails (3.2.2)
      actionpack (>= 4.0)
      activesupport (>= 4.0)
      sprockets (>= 3.0.0)
    stripe (5.32.1)
    sucker_punch (2.1.2)
      concurrent-ruby (~> 1.0)
    temple (0.8.2)
    terser (1.2.0)
      execjs (>= 0.3.0, < 3)
    thin (1.8.0)
      daemons (~> 1.0, >= 1.0.9)
      eventmachine (~> 1.0, >= 1.0.4)
      rack (>= 1, < 3)
    thor (0.20.3)
    thread_safe (0.3.6)
    tilt (2.0.10)
    tzinfo (1.2.10)
      thread_safe (~> 0.1)
    unf (0.1.4)
      unf_ext
    unf_ext (0.0.7.7)
    unicode-display_width (2.1.0)
    uniform_notifier (1.14.2)
    victor (0.3.3)
    victor-cli (0.3.1)
      colsole (~> 0.7)
      css_parser (~> 1.7)
      filewatcher (~> 1.1)
      mister_bin (~> 0.7)
      nokogiri (~> 1.10)
      pretty_trace (~> 0.2.5)
      requires (~> 0.2)
      rufo (~> 0.12)
      victor (~> 0.3)
    vonage (7.8.2)
      phonelib
      rexml
      sorbet-runtime (~> 0.5)
      vonage-jwt (~> 0.1.0)
      zeitwerk (~> 2, >= 2.2)
    vonage-jwt (0.1.2)
      jwt (~> 2)
    vpim (13.11.11)
    websocket-driver (0.7.6)
      websocket-extensions (>= 0.1.0)
    websocket-extensions (0.1.5)
    whenever (0.10.0)
      chronic (>= 0.6.3)
    wicked_pdf (1.1.0)
    wkhtmltopdf-binary (0.12.6.5)
    yubikey (1.4.1)
    zeitwerk (2.6.7)
    zip_tricks (5.5.0)
    zxcvbn-js (4.4.3)
      execjs

PLATFORMS
  ruby
  x86_64-linux

DEPENDENCIES
  RubyInline (~> 3.12.4)
  actionmailer-text (~> 0.1.1)
  activerecord-userstamp (~> 3.0.6)!
  acts_as_list (~> 0.9.15)
  acts_as_tree (~> 2.9.1)
  ai4r
  annotate
  authlogic (~> 3.8.0)
  aws-sdk-sesv2 (~> 1, >= 1.41.0)
  bcrypt (~> 3.1.12)
  brakeman
  breadcrumbs_on_rails (~> 3.0, >= 3.0.1)
  bullet
  byebug (>= 10.0.2)
  clamav-client (~> 3.1.0)
  clickatell (~> 0.8.2)
  coffee-rails (~> 4.2.2)
  color (~> 1.8)
  color_contrast_calc (~> 0.9.0)
  colorize (~> 0.8.1)
  dalli (~> 3.2.4)
  diffy (~> 3.4)
  donncha-validates_as_email (~> 0.6.1)
  dotenv-rails
  dynamic_form (~> 1.1.4)
  elasticsearch (~> 7.17.0)
  exception_notification (~> 4.2.2)
  factory_bot_rails (~> 4.10.0)
  faker (>= 1.9.1)
  fontcustom
  haml (~> 5.0.4)
  icalendar (~> 2.4.1)
  image_science (~> 1.3.0)
  jbuilder (~> 2.7)
  jquery-rails (>= 4.3.3)
  kaminari (~> 1.2.1)
  listen (~> 3.1)
  mini_racer (~> 0.6.3)
  minitest-reporters (>= 1.3.0)
  mysql2 (= 0.5.5)
  nexmo (~> 4.8.0)
  non-stupid-digest-assets (>= 1.0.9)
  omniauth-google-oauth2 (~> 0.5.3)
  omniauth-salesforce
  paper_trail (~> 13.0.0)
  paperclip (~> 5.1.0)
  paranoia (~> 2.6.0)
  pil (~> 0.3.0)
  precise_distance_of_time_in_words (~> 0.0.3)
  protected_attributes_continued (~> 1.5.0)
  rails (~> 5.2.6.3)
  rails-controller-testing
  rails-erd
  rails_autolink (~> 1.1.8)
  rb-readline (~> 0.5.5)
  rdiscount (~> 2.2.0.1)
  rest-client (~> 2.0.2)
  rotp (~> 6.3.0)
  rouge (~> 3.1.1)
  rqrcode (~> 2.2)
  rubocop
  rubocop-rails_config
  rufo (~> 0.12.0)
  runt-rails!
  sanitize (~> 6.1.3)
  sass-rails (~> 5.0.7)
  sassc (~> 1.12, >= 1.12.1)
  sdoc (~> 0.4.2)
  simplecov (>= 0.16.1)
  single_test (>= 0.6.0)
  slack-notifier
  spreadsheet (~> 1.1, >= 1.1.7)
  spring (~> 2.0.2)
  stripe (> 4.0.2)
  sucker_punch (~> 2.0)
  terser
  thin
  thor (~> 0.20.3)
  victor
  victor-cli
  vonage (>= 7.8.2)
  vpim (~> 13.11.11)
  whenever (~> 0.10.0)
  wicked_pdf (~> 1.1.0)
  wkhtmltopdf-binary (~> 0.12.6)
  yubikey (~> 1.4.1)
  zip_tricks (~> 5.5)
  zxcvbn-js (~> 4.4.3)

RUBY VERSION
   ruby 2.6.10p210

BUNDLED WITH
   2.4.22
